PATH
  remote: .
  specs:
    teneo-logger (0.1.0)
      semantic_logger (~> 4.11)

GEM
  remote: https://rubygems.org/
  specs:
    amazing_print (1.4.0)
    concurrent-ruby (1.1.10)
    diff-lcs (1.5.0)
    rake (13.0.6)
    rspec (3.11.0)
      rspec-core (~> 3.11.0)
      rspec-expectations (~> 3.11.0)
      rspec-mocks (~> 3.11.0)
    rspec-core (3.11.0)
      rspec-support (~> 3.11.0)
    rspec-expectations (3.11.0)
      diff-lcs (>= 1.2.0, < 2.0)
      rspec-support (~> 3.11.0)
    rspec-mocks (3.11.1)
      diff-lcs (>= 1.2.0, < 2.0)
      rspec-support (~> 3.11.0)
    rspec-support (3.11.0)
    semantic_logger (4.11.0)
      concurrent-ruby (~> 1.0)
    timecop (0.9.5)

PLATFORMS
  x86_64-linux

DEPENDENCIES
  amazing_print
  rake (~> 13.0)
  rspec (~> 3.0)
  teneo-logger!
  timecop

BUNDLED WITH
   2.3.17
